GEM
  remote: https://rubygems.org/
  specs:
    ffi (1.9.18)
    rb-kqueue (0.2.4)
      ffi (>= 0.5.0)
    sass (3.4.23)
    wdm (0.1.1)

PLATFORMS
  ruby

DEPENDENCIES
  rb-kqueue (>= 0.2)
  sass (~> 3.4)
  wdm (>= 0.1.0)

RUBY VERSION
   ruby 2.4.2p198

BUNDLED WITH
   1.16.0
