GEM
  remote: https://rubygems.org/
  specs:
    ffi (1.9.18)
    rb-fsevent (0.10.3)
    rb-inotify (0.9.10)
      ffi (>= 0.5.0, < 2)
    rb-kqueue (0.2.4)
      ffi (>= 0.5.0)
    sass (3.5.6)
      sass-listen (~> 4.0.0)
    sass-listen (4.0.0)
      rb-fsevent (~> 0.9, >= 0.9.4)
      rb-inotify (~> 0.9, >= 0.9.7)
    wdm (0.1.1)

PLATFORMS
  ruby

DEPENDENCIES
  rb-kqueue (>= 0.2)
  sass (~> 3.4)
  wdm (>= 0.1.0)

RUBY VERSION
   ruby 2.4.2p198

BUNDLED WITH
   1.16.0
